GEM
  remote: https://rubygems.org/
  specs:
    coderay (1.1.2)
    faraday (0.15.4)
      multipart-post (>= 1.2, < 3)
    json (2.3.0)
    method_source (0.9.2)
    multipart-post (2.1.1)
    mustermann (1.0.3)
    pry (0.12.2)
      coderay (~> 1.1.0)
      method_source (~> 0.9.0)
    rack (2.0.7)
    rack-protection (2.0.5)
      rack
    sinatra (2.0.5)
      mustermann (~> 1.0)
      rack (~> 2.0)
      rack-protection (= 2.0.5)
      tilt (~> 2.0)
    tilt (2.0.9)

PLATFORMS
  ruby

DEPENDENCIES
  faraday
  json
  pry
  sinatra

BUNDLED WITH
   1.17.3
